PATH
  remote: .
  specs:
    toberead (0.1.0)
      titleize (~> 1.4)

GEM
  remote: https://rubygems.org/
  specs:
    arrayfields (4.9.2)
    ast (2.4.2)
    bundler-audit (0.9.0.1)
      bundler (>= 1.2.0, < 3)
      thor (~> 1.0)
    chef-utils (17.6.18)
      concurrent-ruby
    chronic (0.10.2)
    churn (1.0.8)
      chronic (>= 0.2.3)
      hirb
      main
      ruby_parser (~> 3.0)
      sexp_processor (~> 4.1)
    code_metrics (0.1.3)
    codecov (0.6.0)
      simplecov (>= 0.15, < 0.22)
    coderay (1.1.3)
    colorize (0.8.1)
    commander (4.6.0)
      highline (~> 2.0.0)
    concurrent-ruby (1.1.9)
    diff-lcs (1.4.4)
    docile (1.4.0)
    fattr (2.4.0)
    gem-release (2.2.2)
    highline (2.0.3)
    hirb (0.7.3)
    inch (0.8.0)
      pry
      sparkr (>= 0.2.0)
      term-ansicolor
      yard (~> 0.9.12)
    kramdown (2.3.1)
      rexml
    kramdown-parser-gfm (1.1.0)
      kramdown (~> 2.0)
    kwalify (0.7.2)
    main (6.2.3)
      arrayfields (~> 4.7, >= 4.7.4)
      chronic (~> 0.6, >= 0.6.2)
      fattr (~> 2.2, >= 2.2.0)
      map (~> 6.1, >= 6.1.0)
    map (6.6.0)
    mdl (0.11.0)
      kramdown (~> 2.3)
      kramdown-parser-gfm (~> 1.1)
      mixlib-cli (~> 2.1, >= 2.1.1)
      mixlib-config (>= 2.2.1, < 4)
      mixlib-shellout
    method_source (1.0.0)
    mixlib-cli (2.1.8)
    mixlib-config (3.0.9)
      tomlrb
    mixlib-shellout (3.2.5)
      chef-utils
    parallel (1.21.0)
    parlour (5.0.0)
      commander (~> 4.5)
      parser
      rainbow (~> 3.0)
      sorbet-runtime (>= 0.5)
    parser (3.0.2.0)
      ast (~> 2.4.1)
    pry (0.14.1)
      coderay (~> 1.1)
      method_source (~> 1.0)
    rack (2.2.3.1)
    rainbow (3.0.0)
    rake (13.0.6)
    rbi (0.0.6)
      ast
      parser
      sorbet-runtime (>= 0.5.9204)
      unparser
    rbs (1.6.2)
    rbtree (0.4.4)
    reek (6.0.6)
      kwalify (~> 0.7.0)
      parser (~> 3.0.0)
      rainbow (>= 2.0, < 4.0)
    regexp_parser (2.1.1)
    rexml (3.2.5)
    rspec (3.10.0)
      rspec-core (~> 3.10.0)
      rspec-expectations (~> 3.10.0)
      rspec-mocks (~> 3.10.0)
    rspec-core (3.10.1)
      rspec-support (~> 3.10.0)
    rspec-expectations (3.10.1)
      diff-lcs (>= 1.2.0, < 2.0)
      rspec-support (~> 3.10.0)
    rspec-mocks (3.10.2)
      diff-lcs (>= 1.2.0, < 2.0)
      rspec-support (~> 3.10.0)
    rspec-support (3.10.2)
    rubocop (1.22.1)
      parallel (~> 1.10)
      parser (>= 3.0.0.0)
      rainbow (>= 2.2.2, < 4.0)
      regexp_parser (>= 1.8, < 3.0)
      rexml
      rubocop-ast (>= 1.12.0, < 2.0)
      ruby-progressbar (~> 1.7)
      unicode-display_width (>= 1.4.0, < 3.0)
    rubocop-ast (1.12.0)
      parser (>= 3.0.1.1)
    rubocop-rake (0.6.0)
      rubocop (~> 1.0)
    rubocop-rspec (2.5.0)
      rubocop (~> 1.19)
    ruby-progressbar (1.11.0)
    ruby_parser (3.17.0)
      sexp_processor (~> 4.15, >= 4.15.1)
    set (1.0.1)
    sexp_processor (4.15.3)
    simplecov (0.21.2)
      docile (~> 1.1)
      simplecov-html (~> 0.11)
      simplecov_json_formatter (~> 0.1)
    simplecov-html (0.12.3)
    simplecov_json_formatter (0.1.3)
    sorbet (0.5.9238)
      sorbet-static (= 0.5.9238)
    sorbet-runtime (0.5.9238)
    sorbet-static (0.5.9238-universal-darwin-20)
    sorbet-static (0.5.9238-universal-darwin-21)
    sorbet-static (0.5.9238-x86_64-linux)
    sord (3.0.1)
      commander (~> 4.5)
      parlour (~> 5.0)
      sorbet-runtime
      yard
    sorted_set (1.0.3)
      rbtree
      set (~> 1.0)
    sparkr (0.4.1)
    spoom (1.1.4)
      colorize
      sorbet (>= 0.5.9204)
      sorbet-runtime (>= 0.5.9204)
      thor (>= 0.19.2)
    sync (0.5.0)
    tapioca (0.5.2)
      bundler (>= 1.17.3)
      pry (>= 0.12.2)
      rbi
      sorbet-runtime
      sorbet-static (>= 0.4.4471)
      spoom
      thor (>= 0.19.2)
      unparser
    term-ansicolor (1.7.1)
      tins (~> 1.0)
    thor (1.1.0)
    tins (1.29.1)
      sync
    titleize (1.4.1)
    tomlrb (2.0.1)
    typeprof (0.20.0)
      rbs (>= 1.6.2)
    unicode-display_width (2.1.0)
    unparser (0.6.0)
      diff-lcs (~> 1.3)
      parser (>= 3.0.0)
    webrick (1.7.0)
    yard (0.9.26)

PLATFORMS
  arm64-darwin-21
  x86_64-darwin-20
  x86_64-linux

DEPENDENCIES
  bundler-audit (~> 0.9.0)
  churn (~> 1.0)
  code_metrics (~> 0.1.3)
  codecov (~> 0.6.0)
  gem-release (~> 2.2)
  inch (~> 0.8.0)
  mdl (~> 0.11.0)
  pry (~> 0.14.1)
  rack (~> 2.2)
  rake (~> 13.0)
  rbs (~> 1.6)
  reek (~> 6.0)
  rspec (~> 3.0)
  rubocop (~> 1.7)
  rubocop-rake (~> 0.6.0)
  rubocop-rspec (~> 2.5)
  simplecov (~> 0.21.2)
  sorbet (~> 0.5.9238)
  sorbet-runtime (~> 0.5.9238)
  sord (~> 3.0.0)
  sorted_set (~> 1.0)
  tapioca (~> 0.5.2)
  toberead!
  typeprof (~> 0.20.0)
  webrick (~> 1.7)
  yard (~> 0.9.26)

BUNDLED WITH
   2.2.22
